GEM
  remote: https://rubygems.org/
  specs:
    commonmarker (0.23.4)

PLATFORMS
  x64-mingw32

DEPENDENCIES
  commonmarker

BUNDLED WITH
   2.3.13
